PATH
  remote: .
  specs:
    pntfr (0.5.3)
      apns2 (~> 0.0, >= 0.0.2)
      gcm (~> 0.0, >= 0.0.9)
      json (>= 1.8.1, < 3.0)

GEM
  remote: https://rubygems.org/
  specs:
    apns2 (0.0.2)
    gcm (0.1.1)
      httparty
      json
    httparty (0.18.1)
      mime-types (~> 3.0)
      multi_xml (>= 0.5.2)
    json (2.3.1)
    mime-types (3.3.1)
      mime-types-data (~> 3.2015)
    mime-types-data (3.2020.0512)
    minitest (5.8.3)
    multi_xml (0.6.0)
    rake (13.0.1)

PLATFORMS
  ruby

DEPENDENCIES
  bundler (~> 1.6)
  minitest (~> 5.8, >= 5.8.3)
  pntfr!
  rake
