PATH
  remote: .
  specs:
    pntfr (0.5.3)
      apns2 (~> 0.0, >= 0.0.1)
      gcm (~> 0.0, >= 0.0.9)
      json (~> 1.8, >= 1.8.1)

GEM
  remote: https://rubygems.org/
  specs:
    apns2 (0.0.1)
    gcm (0.1.0)
      httparty
      json
    httparty (0.13.7)
      json (~> 1.8)
      multi_xml (>= 0.5.2)
    json (1.8.3)
    minitest (5.8.3)
    multi_xml (0.5.5)
    rake (10.4.2)

PLATFORMS
  ruby

DEPENDENCIES
  bundler (~> 1.6)
  minitest (~> 5.8, >= 5.8.3)
  pntfr!
  rake
